GEM
  remote: https://rubygems.org/
  specs:
    figaro (1.0.0)
      thor (~> 0.14)
    rack (1.6.0)
    rack-protection (1.5.3)
      rack
    sinatra (1.4.5)
      rack (~> 1.4)
      rack-protection (~> 1.4)
      tilt (~> 1.3, >= 1.3.4)
    thor (0.19.1)
    tilt (1.4.1)

PLATFORMS
  java
  ruby

DEPENDENCIES
  figaro
  sinatra
